GEM
  remote: https://rubygems.org/
  specs:
    icalendar (2.4.1)

PLATFORMS
  ruby

DEPENDENCIES
  icalendar (~> 2)

BUNDLED WITH
   1.14.6
